PATH
  remote: .
  specs:
    ruby-progressbar (1.0.2)

GEM
  remote: http://rubygems.org/
  specs:
    diff-lcs (1.2.4)
    fuubar (1.1.0)
      rspec (~> 2.0)
      rspec-instafail (~> 0.2.0)
      ruby-progressbar (~> 1.0.0)
    json (1.7.7)
    json (1.7.7-java)
    multi_json (1.7.3)
    rake (10.0.4)
    rspec (2.13.0)
      rspec-core (~> 2.13.0)
      rspec-expectations (~> 2.13.0)
      rspec-mocks (~> 2.13.0)
    rspec-core (2.13.1)
    rspec-expectations (2.13.0)
      diff-lcs (>= 1.1.3, < 2.0)
    rspec-instafail (0.2.4)
    rspec-mocks (2.13.1)
    rspectacular (0.13.0)
      fuubar (~> 1.0)
      rspec (~> 2.12)
    ruby-prof (0.13.0)
    simplecov (0.8.0.pre)
      multi_json
      simplecov-html (~> 0.7.1)
    simplecov-html (0.7.1)
    timecop (0.6.1)

PLATFORMS
  java
  ruby

DEPENDENCIES
  json (~> 1.7.7)
  rake
  rspec (~> 2.13)
  rspectacular (~> 0.13)
  ruby-prof (~> 0.13.0)
  ruby-progressbar!
  simplecov (~> 0.8pre)
  timecop (~> 0.6)
