PATH
  remote: .
  specs:
    ruby-progressbar (1.8.1)

GEM
  remote: https://rubygems.org/
  specs:
    chamber (2.8.0)
      hashie (~> 3.3)
      thor (~> 0.19.1)
    coderay (1.1.1)
    diff-lcs (1.2.5)
    fuubar (2.0.0)
      rspec (~> 3.0)
      ruby-progressbar (~> 1.4)
    hashie (3.4.2)
    json (1.8.3)
    rspec (3.4.0)
      rspec-core (~> 3.4.0)
      rspec-expectations (~> 3.4.0)
      rspec-mocks (~> 3.4.0)
    rspec-core (3.4.4)
      rspec-support (~> 3.4.0)
    rspec-expectations (3.4.0)
      diff-lcs (>= 1.2.0, < 2.0)
      rspec-support (~> 3.4.0)
    rspec-mocks (3.4.1)
      diff-lcs (>= 1.2.0, < 2.0)
      rspec-support (~> 3.4.0)
    rspec-support (3.4.1)
    rspectacular (0.70.6)
      coderay (~> 1.1)
      fuubar (~> 2.0)
      rspec (~> 3.1)
    ruby-prof (0.15.8)
    thor (0.19.1)
    timecop (0.6.1)
    warning_filter (0.0.6)

PLATFORMS
  ruby

DEPENDENCIES
  chamber
  fuubar (~> 2.0)
  json
  rspec (~> 3.2)
  rspectacular (~> 0.70.6)
  ruby-prof (~> 0.15.8)
  ruby-progressbar!
  timecop (= 0.6.1)
  warning_filter (~> 0.0.2)

BUNDLED WITH
   1.11.2
