PATH
  remote: .
  specs:
    ruby-progressbar (1.7.5)

GEM
  remote: https://rubygems.org/
  specs:
    chamber (2.8.0)
      hashie (~> 3.3)
      thor (~> 0.19.1)
    diff-lcs (1.2.5)
    fuubar (2.0.0)
      rspec (~> 3.0)
      ruby-progressbar (~> 1.4)
    hashie (3.4.2)
    json (1.8.3)
    rspec (3.2.0)
      rspec-core (~> 3.2.0)
      rspec-expectations (~> 3.2.0)
      rspec-mocks (~> 3.2.0)
    rspec-core (3.2.3)
      rspec-support (~> 3.2.0)
    rspec-expectations (3.2.1)
      diff-lcs (>= 1.2.0, < 2.0)
      rspec-support (~> 3.2.0)
    rspec-mocks (3.2.1)
      diff-lcs (>= 1.2.0, < 2.0)
      rspec-support (~> 3.2.0)
    rspec-support (3.2.2)
    rspectacular (0.62.1)
      fuubar (~> 2.0)
      rspec (~> 3.1)
    ruby-prof (0.15.8)
    thor (0.19.1)
    timecop (0.7.4)
    warning_filter (0.0.5)

PLATFORMS
  ruby

DEPENDENCIES
  chamber
  fuubar (~> 2.0)
  json
  rspec (~> 3.2)
  rspectacular (~> 0.62.1)
  ruby-prof (~> 0.15.8)
  ruby-progressbar!
  timecop (~> 0.7.4)
  warning_filter (~> 0.0.2)
