PATH
  remote: .
  specs:
    ruby-progressbar (1.7.5)

GEM
  remote: https://rubygems.org/
  specs:
    chamber (2.7.1)
      hashie (~> 3.3)
      thor (~> 0.19.1)
    codeclimate-test-reporter (0.3.0)
      simplecov (>= 0.7.1, < 1.0.0)
    diff-lcs (1.2.5)
    docile (1.1.5)
    fuubar (2.0.0)
      rspec (~> 3.0)
      ruby-progressbar (~> 1.4)
    hashie (3.4.0)
    json (1.7.7)
    multi_json (1.11.0)
    rake (0.9.6)
    rspec (3.1.0)
      rspec-core (~> 3.1.0)
      rspec-expectations (~> 3.1.0)
      rspec-mocks (~> 3.1.0)
    rspec-core (3.1.7)
      rspec-support (~> 3.1.0)
    rspec-expectations (3.1.2)
      diff-lcs (>= 1.2.0, < 2.0)
      rspec-support (~> 3.1.0)
    rspec-mocks (3.1.3)
      rspec-support (~> 3.1.0)
    rspec-support (3.1.2)
    rspectacular (0.21.6)
      fuubar (~> 2.0.beta)
      rspec (~> 3.0.beta)
    ruby-prof (0.13.1)
    simplecov (0.9.2)
      docile (~> 1.1.0)
      multi_json (~> 1.0)
      simplecov-html (~> 0.9.0)
    simplecov-html (0.9.0)
    thor (0.19.1)
    timecop (0.6.1)
    warning_filter (0.0.2)

PLATFORMS
  ruby

DEPENDENCIES
  chamber
  codeclimate-test-reporter (~> 0.3.0)
  fuubar (~> 2.0)
  json (~> 1.7.7)
  rake
  rspec (~> 3.1)
  rspectacular (~> 0.21.6)
  ruby-prof (~> 0.13.0)
  ruby-progressbar!
  timecop (~> 0.6.0)
  warning_filter (~> 0.0.2)
