PATH
  remote: .
  specs:
    ruby-progressbar (1.12.0)

GEM
  remote: https://rubygems.org/
  specs:
    awesome_print (1.8.0)
    diff-lcs (1.4.4)
    fuubar (2.5.0)
      rspec-core (~> 3.0)
      ruby-progressbar (~> 1.4)
    rspec (3.10.0)
      rspec-core (~> 3.10.0)
      rspec-expectations (~> 3.10.0)
      rspec-mocks (~> 3.10.0)
    rspec-core (3.10.0)
      rspec-support (~> 3.10.0)
    rspec-expectations (3.10.0)
      diff-lcs (>= 1.2.0, < 2.0)
      rspec-support (~> 3.10.0)
    rspec-mocks (3.10.0)
      diff-lcs (>= 1.2.0, < 2.0)
      rspec-support (~> 3.10.0)
    rspec-support (3.10.0)
    rspectacular (0.70.8)
      fuubar (~> 2.0)
      rspec (~> 3.1)
    ruby-prof (0.15.9)
    timecop (0.9.6)

PLATFORMS
  ruby
  x86_64-linux

DEPENDENCIES
  awesome_print (~> 1.6)
  fuubar (~> 2.3)
  rspec (~> 3.7)
  rspectacular (~> 0.70.6)
  ruby-prof (~> 0.15.8)
  ruby-progressbar!
  timecop (~> 0.9)

BUNDLED WITH
   1.17.3
